GEM
  remote: http://rubygems.org/
  specs:
    activemodel (3.0.15)
      activesupport (= 3.0.15)
      builder (~> 2.1.2)
      i18n (~> 0.5.0)
    activerecord (3.0.15)
      activemodel (= 3.0.15)
      activesupport (= 3.0.15)
      arel (~> 2.0.10)
      tzinfo (~> 0.3.23)
    activesupport (3.0.15)
    arel (2.0.10)
    async-rack (0.5.1)
      rack (~> 1.1)
    builder (2.1.2)
    cramp (0.15.1)
      activesupport (~> 3.0.9)
      eventmachine (~> 1.0.0.beta.3)
      rack (~> 1.3.2)
      thor (~> 0.14.6)
    daemons (1.1.8)
    eventmachine (1.0.0.rc.4)
    http_router (0.11.0)
      rack (>= 1.0.0)
      url_mount (~> 0.2.1)
    i18n (0.5.0)
    mysql2 (0.2.18)
    rack (1.3.6)
    rake (0.9.2.2)
    standalone_migrations (1.0.10)
      activerecord (>= 3)
      rake
    thin (1.3.1)
      daemons (>= 1.0.9)
      eventmachine (>= 0.12.6)
      rack (>= 1.0.0)
    thor (0.14.6)
    tzinfo (0.3.33)
    url_mount (0.2.1)
      rack

PLATFORMS
  ruby

DEPENDENCIES
  activerecord
  async-rack
  cramp
  http_router
  mysql2 (~> 0.2.11)
  standalone_migrations
  thin
